PATH
  remote: .
  specs:
    interfaces (2.6.0)
      active_attr
      activemodel (>= 3)
      activesupport (>= 3)
      net-sftp
      zip

GEM
  remote: https://rubygems.org/
  specs:
    active_attr (0.8.2)
      activemodel (>= 3.0.2, < 4.1)
      activesupport (>= 3.0.2, < 4.1)
    activemodel (4.0.0)
      activesupport (= 4.0.0)
      builder (~> 3.1.0)
    activesupport (4.0.0)
      i18n (~> 0.6, >= 0.6.4)
      minitest (~> 4.2)
      multi_json (~> 1.3)
      thread_safe (~> 0.1)
      tzinfo (~> 0.3.37)
    atomic (1.1.13)
    builder (3.1.4)
    coderay (1.0.8)
    guard (1.5.2)
      listen (>= 0.4.2)
      lumberjack (>= 1.0.2)
      pry (>= 0.9.10)
      thor (>= 0.14.6)
    guard-minitest (0.5.0)
      guard (>= 0.4)
    i18n (0.6.5)
    listen (0.5.3)
    lumberjack (1.0.2)
    method_source (0.8.1)
    minitest (4.7.5)
    multi_json (1.7.9)
    net-sftp (2.1.2)
      net-ssh (>= 2.6.5)
    net-ssh (2.6.8)
    pry (0.9.10)
      coderay (~> 1.0.5)
      method_source (~> 0.8)
      slop (~> 3.3.1)
    slop (3.3.3)
    thor (0.16.0)
    thread_safe (0.1.2)
      atomic
    tzinfo (0.3.37)
    zip (2.0.2)

PLATFORMS
  ruby

DEPENDENCIES
  guard
  guard-minitest
  interfaces!
